GEM
  remote: https://rubygems.org/
  specs:
    coderay (1.1.1)
    method_source (0.8.2)
    pry (0.10.4)
      coderay (~> 1.1.0)
      method_source (~> 0.8.1)
      slop (~> 3.4)
    pry-nav (0.2.4)
      pry (>= 0.9.10, < 0.11.0)
    rb-readline (0.5.3)
    slop (3.6.0)
    terminal-table (1.7.3)
      unicode-display_width (~> 1.1.1)
    unicode-display_width (1.1.1)

PLATFORMS
  ruby

DEPENDENCIES
  pry-nav (= 0.2.4)
  rb-readline (= 0.5.3)
  terminal-table (= 1.7.3)

BUNDLED WITH
   1.12.5
